GEM
  remote: https://rubygems.org/
  specs:
    chunky_png (1.4.0)
    rubyzip (2.3.0)
    write_xlsx (1.07.0)
      rubyzip (>= 1.0.0)
      zip-zip
    zip-zip (0.3)
      rubyzip (>= 1.0.0)

PLATFORMS
  x64-mingw32

DEPENDENCIES
  chunky_png
  write_xlsx (~> 1.7)

BUNDLED WITH
   2.2.14
