GEM
  remote: https://rubygems.org/
  specs:
    ffi (1.15.0)
    listen (3.5.1)
      rb-fsevent (~> 0.10, >= 0.10.3)
      rb-inotify (~> 0.9, >= 0.9.10)
    rack (2.2.3)
    rb-fsevent (0.10.4)
    rb-inotify (0.10.1)
      ffi (~> 1.0)
    rerun (0.13.1)
      listen (~> 3.0)
    roda (3.43.1)
      rack

PLATFORMS
  x86_64-linux

DEPENDENCIES
  rerun
  roda

BUNDLED WITH
   2.2.17
